GEM
  remote: https://rubygems.org/
  specs:
    csv (3.1.1)
    curb (0.9.10)
    mini_portile2 (2.8.0)
    nokogiri (1.13.6)
      mini_portile2 (~> 2.8.0)
      racc (~> 1.4)
    racc (1.6.0)

PLATFORMS
  ruby

DEPENDENCIES
  csv
  curb
  nokogiri

BUNDLED WITH
   1.17.2
